GIT
  remote: git://github.com/datamapper/do.git
  revision: 6d4236f9ac0effa77e258038e77e3aa4b4150088
  specs:
    data_objects (0.10.13)
      addressable (~> 2.1)
    do_mysql (0.10.13)
      data_objects (= 0.10.13)

GIT
  remote: https://github.com/datamapper/dm-aggregates.git
  revision: 68a6f29ab3c663a58eec2b5943e2ce538a9a4a2f
  specs:
    dm-aggregates (1.3.0.beta)
      dm-core (~> 1.3.0.beta)

GIT
  remote: https://github.com/datamapper/dm-core.git
  revision: 226c5af8609a2e1da3bf3ee0b29a874401a49c0b
  specs:
    dm-core (1.3.0.beta)
      addressable (~> 2.3, >= 2.3.5)

GIT
  remote: https://github.com/datamapper/dm-do-adapter.git
  revision: 5b13be7b63b8ff2869fdb8bdbbc68470bead9993
  specs:
    dm-do-adapter (1.3.0.beta)
      data_objects (~> 0.10.6)
      dm-core (~> 1.3.0.beta)

GIT
  remote: https://github.com/datamapper/dm-mysql-adapter.git
  revision: ab08f5f57b77867b882f5fe873574d5a6b1f23be
  specs:
    dm-mysql-adapter (1.3.0.beta)
      dm-do-adapter (~> 1.3.0.beta)
      do_mysql (~> 0.10.6)

GIT
  remote: https://github.com/datamapper/dm-types.git
  revision: 5f768111361cfbd530b7aed20e9cd921b04af665
  specs:
    dm-types (1.3.0.beta)
      bcrypt (~> 3.0)
      dm-core (~> 1.3.0.beta)
      fastercsv (~> 1.5.4)
      multi_json (>= 1.7.7)
      safe_yaml (~> 0.6.1)
      stringex (>= 2.0.8)
      uuidtools (~> 2.1.2)

GEM
  remote: https://rubygems.org/
  specs:
    activesupport (4.0.1)
      i18n (~> 0.6, >= 0.6.4)
      minitest (~> 4.2)
      multi_json (~> 1.3)
      thread_safe (~> 0.1)
      tzinfo (~> 0.3.37)
    addressable (2.8.0)
      public_suffix (>= 2.0.2, < 5.0)
    atomic (1.1.14)
    bcrypt (3.1.18)
    coderay (1.1.0)
    fastercsv (1.5.5)
    i18n (0.6.5)
    method_source (0.8.2)
    minitest (4.7.5)
    multi_json (1.15.0)
    php-serialize (1.1.0)
    pry (0.9.12.3)
      coderay (~> 1.0)
      method_source (~> 0.8)
      slop (~> 3.4)
    public_suffix (4.0.7)
    safe_yaml (0.6.3)
    slop (3.4.7)
    stringex (2.8.5)
    thread_safe (0.1.3)
      atomic
    tzinfo (0.3.61)
    uuidtools (2.1.5)

PLATFORMS
  ruby

DEPENDENCIES
  activesupport
  data_objects!
  dm-aggregates!
  dm-core!
  dm-do-adapter!
  dm-mysql-adapter!
  dm-types!
  do_mysql!
  php-serialize
  pry
