GIT
  remote: git://github.com/datamapper/dm-aggregates.git
  revision: 68a6f29ab3c663a58eec2b5943e2ce538a9a4a2f
  specs:
    dm-aggregates (1.3.0.beta)
      dm-core (~> 1.3.0.beta)

GIT
  remote: git://github.com/datamapper/dm-core.git
  revision: efa363cd9bf11bea6c06b7beb3214d83f1950f05
  specs:
    dm-core (1.3.0.beta)
      addressable (~> 2.2.6)
      virtus (~> 0.5)

GIT
  remote: git://github.com/datamapper/dm-do-adapter.git
  revision: 5b13be7b63b8ff2869fdb8bdbbc68470bead9993
  specs:
    dm-do-adapter (1.3.0.beta)
      data_objects (~> 0.10.6)
      dm-core (~> 1.3.0.beta)

GIT
  remote: git://github.com/datamapper/dm-mysql-adapter.git
  revision: ab08f5f57b77867b882f5fe873574d5a6b1f23be
  specs:
    dm-mysql-adapter (1.3.0.beta)
      dm-do-adapter (~> 1.3.0.beta)
      do_mysql (~> 0.10.6)

GIT
  remote: git://github.com/datamapper/dm-types.git
  revision: 8460ef3d3bd24593a4c8269d62b612feb69f847c
  specs:
    dm-types (1.3.0.beta)
      bcrypt-ruby (~> 3.0.0)
      dm-core (~> 1.3.0.beta)
      fastercsv (~> 1.5.4)
      multi_json (~> 1.3.2)
      stringex (~> 1.4)
      uuidtools (~> 2.1.2)

GIT
  remote: git://github.com/datamapper/do.git
  revision: 6d4236f9ac0effa77e258038e77e3aa4b4150088
  specs:
    data_objects (0.10.13)
      addressable (~> 2.1)
    do_mysql (0.10.13)
      data_objects (= 0.10.13)

GEM
  remote: https://rubygems.org/
  specs:
    activesupport (4.0.1)
      i18n (~> 0.6, >= 0.6.4)
      minitest (~> 4.2)
      multi_json (~> 1.3)
      thread_safe (~> 0.1)
      tzinfo (~> 0.3.37)
    addressable (2.2.8)
    atomic (1.1.14)
    backports (3.3.5)
    bcrypt-ruby (3.0.1)
    coderay (1.1.0)
    concurrent-ruby (1.1.6)
    descendants_tracker (0.0.3)
    fastercsv (1.5.5)
    i18n (0.9.5)
      concurrent-ruby (~> 1.0)
    method_source (0.8.2)
    minitest (4.7.5)
    multi_json (1.3.7)
    php-serialize (1.1.0)
    pry (0.9.12.3)
      coderay (~> 1.0)
      method_source (~> 0.8)
      slop (~> 3.4)
    slop (3.4.7)
    stringex (1.5.1)
    thread_safe (0.1.3)
      atomic
    tzinfo (0.3.38)
    uuidtools (2.1.4)
    virtus (0.5.5)
      backports (~> 3.3)
      descendants_tracker (~> 0.0.1)

PLATFORMS
  ruby

DEPENDENCIES
  activesupport
  data_objects!
  dm-aggregates!
  dm-core!
  dm-do-adapter!
  dm-mysql-adapter!
  dm-types!
  do_mysql!
  php-serialize
  pry
